PATH
  remote: .
  specs:
    juno-report (0.1.4)
      prawml

GEM
  remote: https://rubygems.org/
  specs:
    activesupport (5.0.2)
      concurrent-ruby (~> 1.0, >= 1.0.2)
      i18n (~> 0.7)
      minitest (~> 5.1)
      tzinfo (~> 1.1)
    barby (0.6.5)
    concurrent-ruby (1.0.5)
    diff-lcs (1.1.3)
    i18n (0.8.1)
    minitest (5.10.1)
    pdf-core (0.7.0)
    prawml (0.1.2)
      activesupport
      barby
      prawn
    prawn (2.2.1)
      pdf-core (~> 0.7.0)
      ttfunk (~> 1.5)
    rake (0.9.2.2)
    rspec (2.12.0)
      rspec-core (~> 2.12.0)
      rspec-expectations (~> 2.12.0)
      rspec-mocks (~> 2.12.0)
    rspec-core (2.12.2)
    rspec-expectations (2.12.1)
      diff-lcs (~> 1.1.3)
    rspec-mocks (2.12.1)
    thread_safe (0.3.6)
    ttfunk (1.5.0)
    tzinfo (1.2.2)
      thread_safe (~> 0.1)

PLATFORMS
  ruby

DEPENDENCIES
  juno-report!
  rake
  rspec

BUNDLED WITH
   1.14.6
