PATH
  remote: .
  specs:
    juno-report (0.0.6)
      prawml

GEM
  remote: https://rubygems.org/
  specs:
    Ascii85 (1.0.2)
    activesupport (3.2.9)
      i18n (~> 0.6)
      multi_json (~> 1.0)
    barby (0.5.0)
    diff-lcs (1.1.3)
    hashery (2.1.0)
    i18n (0.6.1)
    multi_json (1.5.0)
    pdf-reader (1.2.0)
      Ascii85 (~> 1.0.0)
      hashery (~> 2.0)
      ruby-rc4
    prawml (0.1.1)
      activesupport (~> 3.0)
      barby
      prawn
    prawn (0.12.0)
      pdf-reader (>= 0.9.0)
      ttfunk (~> 1.0.2)
    rake (0.9.2.2)
    rspec (2.12.0)
      rspec-core (~> 2.12.0)
      rspec-expectations (~> 2.12.0)
      rspec-mocks (~> 2.12.0)
    rspec-core (2.12.2)
    rspec-expectations (2.12.1)
      diff-lcs (~> 1.1.3)
    rspec-mocks (2.12.1)
    ruby-rc4 (0.1.5)
    ttfunk (1.0.3)

PLATFORMS
  ruby

DEPENDENCIES
  juno-report!
  rake
  rspec
